GEM
  remote: https://rubygems.org/
  specs:
    binding_of_caller (0.8.0)
      debug_inspector (>= 0.0.1)
    coderay (1.1.2)
    colorize (0.8.1)
    date (3.0.0)
    debug_inspector (0.0.3)
    etc (1.1.0)
    json (2.3.0)
    method_source (0.9.2)
    mini_portile2 (2.4.0)
    nokogiri (1.10.9)
      mini_portile2 (~> 2.4.0)
    pry (0.12.2)
      coderay (~> 1.1.0)
      method_source (~> 0.9.0)
    pry-moves (0.1.12)
      binding_of_caller (~> 0.7)
      pry (>= 0.10.4, < 1)
    require_all (3.0.0)

PLATFORMS
  ruby

DEPENDENCIES
  bundler
  colorize
  date
  etc
  json
  nokogiri
  pry
  pry-moves
  require_all

BUNDLED WITH
   2.1.4
